GIT
  remote: https://github.com/cmason/slack_sign_in.git
  revision: ffc53638f0241eae27533c97f78c3bfe08eb4c0d
  branch: production
  specs:
    slack_sign_in (0.1.3.rc1)
      oauth2 (>= 1.4.2)
      rails (>= 5.2.0)

GEM
  remote: https://rubygems.org/
  specs:
    actioncable (7.0.7.2)
      actionpack (= 7.0.7.2)
      activesupport (= 7.0.7.2)
      nio4r (~> 2.0)
      websocket-driver (>= 0.6.1)
    actionmailbox (7.0.7.2)
      actionpack (= 7.0.7.2)
      activejob (= 7.0.7.2)
      activerecord (= 7.0.7.2)
      activestorage (= 7.0.7.2)
      activesupport (= 7.0.7.2)
      mail (>= 2.7.1)
      net-imap
      net-pop
      net-smtp
    actionmailer (7.0.7.2)
      actionpack (= 7.0.7.2)
      actionview (= 7.0.7.2)
      activejob (= 7.0.7.2)
      activesupport (= 7.0.7.2)
      mail (~> 2.5, >= 2.5.4)
      net-imap
      net-pop
      net-smtp
      rails-dom-testing (~> 2.0)
    actionpack (7.0.7.2)
      actionview (= 7.0.7.2)
      activesupport (= 7.0.7.2)
      rack (~> 2.0, >= 2.2.4)
      rack-test (>= 0.6.3)
      rails-dom-testing (~> 2.0)
      rails-html-sanitizer (~> 1.0, >= 1.2.0)
    actiontext (7.0.7.2)
      actionpack (= 7.0.7.2)
      activerecord (= 7.0.7.2)
      activestorage (= 7.0.7.2)
      activesupport (= 7.0.7.2)
      globalid (>= 0.6.0)
      nokogiri (>= 1.8.5)
    actionview (7.0.7.2)
      activesupport (= 7.0.7.2)
      builder (~> 3.1)
      erubi (~> 1.4)
      rails-dom-testing (~> 2.0)
      rails-html-sanitizer (~> 1.1, >= 1.2.0)
    activejob (7.0.7.2)
      activesupport (= 7.0.7.2)
      globalid (>= 0.3.6)
    activemodel (7.0.7.2)
      activesupport (= 7.0.7.2)
    activerecord (7.0.7.2)
      activemodel (= 7.0.7.2)
      activesupport (= 7.0.7.2)
    activestorage (7.0.7.2)
      actionpack (= 7.0.7.2)
      activejob (= 7.0.7.2)
      activerecord (= 7.0.7.2)
      activesupport (= 7.0.7.2)
      marcel (~> 1.0)
      mini_mime (>= 1.1.0)
    activesupport (7.0.7.2)
      concurrent-ruby (~> 1.0, >= 1.0.2)
      i18n (>= 1.6, < 2)
      minitest (>= 5.1)
      tzinfo (~> 2.0)
    addressable (2.8.5)
      public_suffix (>= 2.0.2, < 6.0)
    annotate (3.2.0)
      activerecord (>= 3.2, < 8.0)
      rake (>= 10.4, < 14.0)
    ast (2.4.2)
    axiom-types (0.1.1)
      descendants_tracker (~> 0.0.4)
      ice_nine (~> 0.11.0)
      thread_safe (~> 0.3, >= 0.3.1)
    bindex (0.8.1)
    bootsnap (1.16.0)
      msgpack (~> 1.2)
    brakeman (6.0.1)
    builder (3.2.4)
    bundler-audit (0.9.1)
      bundler (>= 1.2.0, < 3)
      thor (~> 1.0)
    bundler-leak (0.3.0)
      bundler (>= 1.2.0, < 3)
      thor (>= 0.18, < 2)
    capybara (3.39.2)
      addressable
      matrix
      mini_mime (>= 0.1.3)
      nokogiri (~> 1.8)
      rack (>= 1.6.0)
      rack-test (>= 0.6.3)
      regexp_parser (>= 1.5, < 3.0)
      xpath (~> 3.2)
    coercible (1.0.0)
      descendants_tracker (~> 0.0.1)
    concurrent-ruby (1.2.2)
    crass (1.0.6)
    cssbundling-rails (1.2.0)
      railties (>= 6.0.0)
    cuprite (0.14.3)
      capybara (~> 3.0)
      ferrum (~> 0.13.0)
    date (3.3.3)
    debug (1.8.0)
      irb (>= 1.5.0)
      reline (>= 0.3.1)
    descendants_tracker (0.0.4)
      thread_safe (~> 0.3, >= 0.3.1)
    docile (1.4.0)
    erubi (1.12.0)
    faraday (2.7.10)
      faraday-net_http (>= 2.0, < 3.1)
      ruby2_keywords (>= 0.0.4)
    faraday-net_http (3.0.2)
    ferrum (0.13)
      addressable (~> 2.5)
      concurrent-ruby (~> 1.1)
      webrick (~> 1.7)
      websocket-driver (>= 0.6, < 0.8)
    flay (2.13.1)
      erubi (~> 1.10)
      path_expander (~> 1.0)
      ruby_parser (~> 3.0)
      sexp_processor (~> 4.0)
    flog (4.7.0)
      path_expander (~> 1.0)
      ruby_parser (~> 3.1, > 3.1.0)
      sexp_processor (~> 4.8)
    globalid (1.1.0)
      activesupport (>= 5.0)
    hanami-router (2.0.2)
      mustermann (~> 3.0)
      mustermann-contrib (~> 3.0)
      rack (~> 2.0)
    hansi (0.2.1)
    hashie (5.0.0)
    i18n (1.14.1)
      concurrent-ruby (~> 1.0)
    ice_nine (0.11.2)
    io-console (0.6.0)
    irb (1.7.4)
      reline (>= 0.3.6)
    jbuilder (2.11.5)
      actionview (>= 5.0.0)
      activesupport (>= 5.0.0)
    jsbundling-rails (1.1.2)
      railties (>= 6.0.0)
    json (2.6.3)
    jwt (2.7.1)
    kwalify (0.7.2)
    language_server-protocol (3.17.0.3)
    launchy (2.5.2)
      addressable (~> 2.8)
    lint_roller (1.1.0)
    litestack (0.2.6)
      erubi
      hanami-router
      oj
      rack
      sqlite3
      tilt
    loofah (2.21.3)
      crass (~> 1.0.2)
      nokogiri (>= 1.12.0)
    mail (2.8.1)
      mini_mime (>= 0.1.1)
      net-imap
      net-pop
      net-smtp
    marcel (1.0.2)
    matrix (0.4.2)
    method_source (1.0.0)
    mini_mime (1.1.5)
    minitest (5.19.0)
    msgpack (1.7.2)
    multi_xml (0.6.0)
    mustermann (3.0.0)
      ruby2_keywords (~> 0.0.1)
    mustermann-contrib (3.0.0)
      hansi (~> 0.2.0)
      mustermann (= 3.0.0)
    net-imap (0.3.7)
      date
      net-protocol
    net-pop (0.1.2)
      net-protocol
    net-protocol (0.2.1)
      timeout
    net-smtp (0.3.3)
      net-protocol
    nio4r (2.7.0)
    nokogiri (1.15.4-x86_64-darwin)
      racc (~> 1.4)
    nokogiri (1.15.4-x86_64-linux)
      racc (~> 1.4)
    oauth2 (2.0.9)
      faraday (>= 0.17.3, < 3.0)
      jwt (>= 1.0, < 3.0)
      multi_xml (~> 0.5)
      rack (>= 1.2, < 4)
      snaky_hash (~> 2.0)
      version_gem (~> 1.1)
    oj (3.15.1)
    parallel (1.23.0)
    parser (3.2.2.3)
      ast (~> 2.4.1)
      racc
    path_expander (1.1.1)
    public_suffix (5.0.3)
    puma (5.6.8)
      nio4r (~> 2.0)
    racc (1.7.1)
    rack (2.2.8)
    rack-mini-profiler (3.1.1)
      rack (>= 1.2.0)
    rack-test (2.1.0)
      rack (>= 1.3)
    rails (7.0.7.2)
      actioncable (= 7.0.7.2)
      actionmailbox (= 7.0.7.2)
      actionmailer (= 7.0.7.2)
      actionpack (= 7.0.7.2)
      actiontext (= 7.0.7.2)
      actionview (= 7.0.7.2)
      activejob (= 7.0.7.2)
      activemodel (= 7.0.7.2)
      activerecord (= 7.0.7.2)
      activestorage (= 7.0.7.2)
      activesupport (= 7.0.7.2)
      bundler (>= 1.15.0)
      railties (= 7.0.7.2)
    rails-dom-testing (2.2.0)
      activesupport (>= 5.0.0)
      minitest
      nokogiri (>= 1.6)
    rails-html-sanitizer (1.6.0)
      loofah (~> 2.21)
      nokogiri (~> 1.14)
    railties (7.0.7.2)
      actionpack (= 7.0.7.2)
      activesupport (= 7.0.7.2)
      method_source
      rake (>= 12.2)
      thor (~> 1.0)
      zeitwerk (~> 2.5)
    rainbow (3.1.1)
    rake (13.0.6)
    reek (6.1.4)
      kwalify (~> 0.7.0)
      parser (~> 3.2.0)
      rainbow (>= 2.0, < 4.0)
    regexp_parser (2.8.1)
    reline (0.3.7)
      io-console (~> 0.5)
    rexml (3.2.6)
    rubocop (1.52.1)
      json (~> 2.3)
      parallel (~> 1.10)
      parser (>= 3.2.2.3)
      rainbow (>= 2.2.2, < 4.0)
      regexp_parser (>= 1.8, < 3.0)
      rexml (>= 3.2.5, < 4.0)
      rubocop-ast (>= 1.28.0, < 2.0)
      ruby-progressbar (~> 1.7)
      unicode-display_width (>= 2.4.0, < 3.0)
    rubocop-ast (1.29.0)
      parser (>= 3.2.1.0)
    rubocop-minitest (0.31.0)
      rubocop (>= 1.39, < 2.0)
    rubocop-performance (1.18.0)
      rubocop (>= 1.7.0, < 2.0)
      rubocop-ast (>= 0.4.0)
    rubocop-rails (2.19.1)
      activesupport (>= 4.2.0)
      rack (>= 1.1)
      rubocop (>= 1.33.0, < 2.0)
    ruby-progressbar (1.13.0)
    ruby2_keywords (0.0.5)
    ruby_parser (3.20.3)
      sexp_processor (~> 4.16)
    rubycritic (4.8.1)
      flay (~> 2.13)
      flog (~> 4.6)
      launchy (>= 2.5.2)
      parser (>= 3.2.2.1)
      rainbow (~> 3.1.1)
      reek (~> 6.0, < 7.0)
      ruby_parser (~> 3.20)
      simplecov (>= 0.22.0)
      tty-which (~> 0.5.0)
      virtus (~> 2.0)
    sexp_processor (4.17.0)
    simplecov (0.22.0)
      docile (~> 1.1)
      simplecov-html (~> 0.11)
      simplecov_json_formatter (~> 0.1)
    simplecov-html (0.12.3)
    simplecov_json_formatter (0.1.4)
    snaky_hash (2.0.1)
      hashie
      version_gem (~> 1.1, >= 1.1.1)
    sprockets (4.2.0)
      concurrent-ruby (~> 1.0)
      rack (>= 2.2.4, < 4)
    sprockets-rails (3.4.2)
      actionpack (>= 5.2)
      activesupport (>= 5.2)
      sprockets (>= 3.0.0)
    sqlite3 (1.6.3-x86_64-darwin)
    sqlite3 (1.6.3-x86_64-linux)
    stackprof (0.2.25)
    standard (1.30.1)
      language_server-protocol (~> 3.17.0.2)
      lint_roller (~> 1.0)
      rubocop (~> 1.52.0)
      standard-custom (~> 1.0.0)
      standard-performance (~> 1.1.0)
    standard-custom (1.0.2)
      lint_roller (~> 1.0)
      rubocop (~> 1.50)
    standard-performance (1.1.2)
      lint_roller (~> 1.1)
      rubocop-performance (~> 1.18.0)
    standard-rails (0.1.0)
      lint_roller (~> 1.0)
      rubocop-rails (~> 2.19.0)
    stimulus-rails (1.2.1)
      railties (>= 6.0.0)
    thor (1.2.2)
    thread_safe (0.3.6)
    tilt (2.2.0)
    timeout (0.4.0)
    tty-which (0.5.0)
    turbo-rails (1.4.0)
      actionpack (>= 6.0.0)
      activejob (>= 6.0.0)
      railties (>= 6.0.0)
    tzinfo (2.0.6)
      concurrent-ruby (~> 1.0)
    unicode-display_width (2.4.2)
    version_gem (1.1.3)
    virtus (2.0.0)
      axiom-types (~> 0.1)
      coercible (~> 1.0)
      descendants_tracker (~> 0.0, >= 0.0.3)
    web-console (4.2.0)
      actionview (>= 6.0.0)
      activemodel (>= 6.0.0)
      bindex (>= 0.4.0)
      railties (>= 6.0.0)
    webrick (1.8.1)
    websocket-driver (0.7.6)
      websocket-extensions (>= 0.1.0)
    websocket-extensions (0.1.5)
    xpath (3.2.0)
      nokogiri (~> 1.8)
    zeitwerk (2.6.11)

PLATFORMS
  x86_64-darwin-20
  x86_64-linux

DEPENDENCIES
  annotate
  bootsnap
  brakeman
  bundler-audit
  bundler-leak
  capybara
  cssbundling-rails
  cuprite
  debug
  jbuilder
  jsbundling-rails
  litestack (~> 0.2.6)
  puma (~> 5.6)
  rack-mini-profiler
  rails (~> 7.0.6)
  rubocop-minitest
  rubycritic
  simplecov
  slack_sign_in!
  sprockets-rails
  stackprof
  standard (>= 1.0)
  standard-rails
  stimulus-rails
  turbo-rails
  tzinfo-data
  web-console

RUBY VERSION
   ruby 3.2.2p53

BUNDLED WITH
   2.4.17
